GEM
  remote: https://rubygems.org/
  specs:
    activemodel (5.1.0)
      activesupport (= 5.1.0)
    activerecord (5.1.0)
      activemodel (= 5.1.0)
      activesupport (= 5.1.0)
      arel (~> 8.0)
    activesupport (5.1.0)
      concurrent-ruby (~> 1.0, >= 1.0.2)
      i18n (~> 0.7)
      minitest (~> 5.1)
      tzinfo (~> 1.1)
    arel (8.0.0)
    coderay (1.1.2)
    colorize (0.8.1)
    concurrent-ruby (1.1.5)
    diff-lcs (1.3)
    domain_name (0.5.20190701)
      unf (>= 0.0.5, < 1.0.0)
    equatable (0.6.1)
    http-accept (1.7.0)
    http-cookie (1.0.3)
      domain_name (~> 0.5)
    i18n (0.9.5)
      concurrent-ruby (~> 1.0)
    method_source (0.9.2)
    mime-types (3.3)
      mime-types-data (~> 3.2015)
    mime-types-data (3.2019.1009)
    minitest (5.12.2)
    mustermann (3.0.0)
      ruby2_keywords (~> 0.0.1)
    necromancer (0.5.0)
    netrc (0.11.0)
    pastel (0.7.3)
      equatable (~> 0.6)
      tty-color (~> 0.5)
    pry (0.12.2)
      coderay (~> 1.1.0)
      method_source (~> 0.9.0)
    rack (2.2.4)
    rack-protection (3.0.4)
      rack
    rake (13.0.0)
    require_all (3.0.0)
    rest-client (2.1.0)
      http-accept (>= 1.7.0, < 2.0)
      http-cookie (>= 1.0.2, < 2.0)
      mime-types (>= 1.16, < 4.0)
      netrc (~> 0.8)
    rspec (3.9.0)
      rspec-core (~> 3.9.0)
      rspec-expectations (~> 3.9.0)
      rspec-mocks (~> 3.9.0)
    rspec-core (3.9.0)
      rspec-support (~> 3.9.0)
    rspec-expectations (3.9.0)
      diff-lcs (>= 1.2.0, < 2.0)
      rspec-support (~> 3.9.0)
    rspec-mocks (3.9.0)
      diff-lcs (>= 1.2.0, < 2.0)
      rspec-support (~> 3.9.0)
    rspec-support (3.9.0)
    ruby2_keywords (0.0.5)
    sinatra (3.0.4)
      mustermann (~> 3.0)
      rack (~> 2.2, >= 2.2.4)
      rack-protection (= 3.0.4)
      tilt (~> 2.0)
    sinatra-activerecord (2.0.14)
      activerecord (>= 3.2)
      sinatra (>= 1.0)
    sqlite3 (1.3.13)
    thread_safe (0.3.6)
    tilt (2.0.11)
    tty-color (0.5.0)
    tty-cursor (0.7.0)
    tty-prompt (0.19.0)
      necromancer (~> 0.5.0)
      pastel (~> 0.7.0)
      tty-reader (~> 0.6.0)
    tty-reader (0.6.0)
      tty-cursor (~> 0.7)
      tty-screen (~> 0.7)
      wisper (~> 2.0.0)
    tty-screen (0.7.0)
    tzinfo (1.2.5)
      thread_safe (~> 0.1)
    unf (0.1.4)
      unf_ext
    unf_ext (0.0.7.6)
    wisper (2.0.1)

PLATFORMS
  ruby

DEPENDENCIES
  activerecord (= 5.1.0)
  colorize
  pry
  rake
  require_all
  rest-client
  rspec
  sinatra-activerecord
  sqlite3 (~> 1.3.6)
  tty-prompt

BUNDLED WITH
   2.0.2
